GEM
  remote: https://ruby.taobao.org/
  specs:
    cuba (3.4.0)
      rack
    domain_name (0.5.25)
      unf (>= 0.0.5, < 1.0.0)
    http-cookie (1.0.2)
      domain_name (~> 0.5)
    jruby-jars (9.0.1.0)
    jruby-rack (1.1.19)
    mechanize (2.7.3)
      domain_name (~> 0.5, >= 0.5.1)
      http-cookie (~> 1.0)
      mime-types (~> 2.0)
      net-http-digest_auth (~> 1.1, >= 1.1.1)
      net-http-persistent (~> 2.5, >= 2.5.2)
      nokogiri (~> 1.4)
      ntlm-http (~> 0.1, >= 0.1.1)
      webrobots (>= 0.0.9, < 0.2)
    mime-types (2.6.2)
    net-http-digest_auth (1.4)
    net-http-persistent (2.9.4)
    nokogiri (1.6.6.2-java)
    ntlm-http (0.1.1)
    rack (1.6.4)
    rake (10.4.2)
    rubyzip (1.1.7)
    unf (0.1.4-java)
    warbler (2.0.0.rc1)
      jruby-jars (>= 9.0.0.0)
      jruby-rack (>= 1.1.1, < 1.3)
      rake (>= 10.1.0)
      rubyzip (>= 1.0, < 1.2)
    webrobots (0.1.1)

PLATFORMS
  java

DEPENDENCIES
  cuba (~> 3.4.0)
  mechanize (~> 2.7.0)
  warbler (~> 2.0.0.rc1)

BUNDLED WITH
   1.10.6
